GEM
  remote: http://rubygems.org/
  specs:
    configuration (1.2.0)
    diff-lcs (1.1.2)
    heroku (2.0.0.pre16)
      launchy (~> 0.3.2)
      rest-client (>= 1.4.0, < 1.7.0)
      term-ansicolor (~> 1.0.5)
    launchy (0.3.7)
      configuration (>= 0.0.5)
      rake (>= 0.8.1)
    mime-types (1.16)
    rake (0.8.7)
    rest-client (1.6.1)
      mime-types (>= 1.16)
    rspec-core (2.5.1)
    rspec-expectations (2.5.0)
      diff-lcs (~> 1.1.2)
    term-ansicolor (1.0.5)

PLATFORMS
  ruby

DEPENDENCIES
  heroku (= 2.0.0.pre16)
  rspec-core
  rspec-expectations
